GENERATE-LOAD-SCRIPTS: ON
REDIRECTS: FORCE
GITHUB
  remote: fsprojects/FSharp.TypeProviders.SDK
    src/ProvidedTypes.fs (7d57cd409d7299592822713195924e42b2b7acde)
    src/ProvidedTypes.fsi (7d57cd409d7299592822713195924e42b2b7acde)
    src/ProvidedTypesTesting.fs (7d57cd409d7299592822713195924e42b2b7acde)
GROUP Build
GENERATE-LOAD-SCRIPTS: ON
REDIRECTS: FORCE
RESTRICTION: >= net451
NUGET
  remote: https://www.nuget.org/api/v2
    FAKE (5.0.0-rc014.167)
    FAKE.Lib (5.0.0-rc014.167)
    FSharp.Compiler.Service (0.0.36)
    FSharp.Formatting (2.4.1)
      FSharp.Compiler.Service (>= 0.0.32)
      Microsoft.AspNet.Razor (>= 2.0.30506)
      RazorEngine (>= 3.3)
    Microsoft.AspNet.Razor (3.2.6)
    NuGet.CommandLine (4.7.1)
    RazorEngine (3.3)
      Microsoft.AspNet.Razor (>= 2.0.30506)

GROUP Net40
CONDITION: NET40
RESTRICTION: == net40
NUGET
  remote: https://www.nuget.org/api/v2
    FSharp.Core (4.1.18)
    Microsoft.SqlServer.TransactSql.ScriptDom (14.0.3811.1)
    Microsoft.SqlServer.Types (12.0.5000)

GROUP Net461
CONDITION: NET461
RESTRICTION: == net461
NUGET
  remote: https://www.nuget.org/api/v2
    FSharp.Core (4.5.2)
    Microsoft.SqlServer.TransactSql.ScriptDom (14.0.3811.1)
    Microsoft.SqlServer.Types (12.0.5000)
    System.Configuration.ConfigurationManager (4.5)
      System.Security.Permissions (>= 4.5)
    System.Data.SqlClient (4.5.1)
    System.Security.AccessControl (4.5)
      System.Security.Principal.Windows (>= 4.5)
    System.Security.Permissions (4.5)
      System.Security.AccessControl (>= 4.5)
    System.Security.Principal.Windows (4.5.1)

GROUP Netstandard
CONDITION: NETSTANDARD
RESTRICTION: == netstandard2.0
NUGET
  remote: https://www.nuget.org/api/v2
    FSharp.Core (4.5.2)
    Microsoft.Win32.Registry (4.5)
      System.Buffers (>= 4.4)
      System.Memory (>= 4.5)
      System.Security.AccessControl (>= 4.5)
      System.Security.Principal.Windows (>= 4.5)
    runtime.native.System.Data.SqlClient.sni (4.5)
      runtime.win-arm64.runtime.native.System.Data.SqlClient.sni (>= 4.4)
      runtime.win-x64.runtime.native.System.Data.SqlClient.sni (>= 4.4)
      runtime.win-x86.runtime.native.System.Data.SqlClient.sni (>= 4.4)
    runtime.win-arm64.runtime.native.System.Data.SqlClient.sni (4.4)
    runtime.win-x64.runtime.native.System.Data.SqlClient.sni (4.4)
    runtime.win-x86.runtime.native.System.Data.SqlClient.sni (4.4)
    System.Buffers (4.5)
    System.Configuration.ConfigurationManager (4.5)
      System.Security.Cryptography.ProtectedData (>= 4.5)
      System.Security.Permissions (>= 4.5)
    System.Data.SqlClient (4.5.1)
      Microsoft.Win32.Registry (>= 4.5)
      runtime.native.System.Data.SqlClient.sni (>= 4.4)
      System.Buffers (>= 4.4)
      System.Diagnostics.DiagnosticSource (>= 4.5)
      System.Memory (>= 4.5.1)
      System.Security.Principal.Windows (>= 4.5)
      System.Text.Encoding.CodePages (>= 4.5)
    System.Diagnostics.DiagnosticSource (4.5.1)
    System.Memory (4.5.1)
      System.Buffers (>= 4.4)
      System.Numerics.Vectors (>= 4.4)
      System.Runtime.CompilerServices.Unsafe (>= 4.5)
    System.Numerics.Vectors (4.5)
    System.Runtime.CompilerServices.Unsafe (4.5.2)
    System.Security.AccessControl (4.5)
      System.Security.Principal.Windows (>= 4.5)
    System.Security.Cryptography.ProtectedData (4.5)
      System.Memory (>= 4.5)
    System.Security.Permissions (4.5)
      System.Security.AccessControl (>= 4.5)
    System.Security.Principal.Windows (4.5.1)
    System.Text.Encoding.CodePages (4.5)
      System.Runtime.CompilerServices.Unsafe (>= 4.5)

GROUP Samples
REDIRECTS: FORCE
RESTRICTION: >= net40
NUGET
  remote: https://www.nuget.org/api/v2
    FSharp.Data.SqlClient (1.8.4)
    Microsoft.AspNet.WebApi (5.2.6)
      Microsoft.AspNet.WebApi.WebHost (>= 5.2.6 < 5.3)
    Microsoft.AspNet.WebApi.Client (5.2.6)
      Newtonsoft.Json (>= 6.0.4) - restriction: || (&& (>= net40) (< netstandard2.0) (>= portable-net45+win8+wp8+wp81+wpa81)) (>= net45)
    Microsoft.AspNet.WebApi.Core (5.2.6)
      Microsoft.AspNet.WebApi.Client (>= 5.2.6)
    Microsoft.AspNet.WebApi.WebHost (5.2.6)
      Microsoft.AspNet.WebApi.Core (>= 5.2.6 < 5.3)
    Newtonsoft.Json (11.0.2)

GROUP Test
REDIRECTS: FORCE
RESTRICTION: >= net451
NUGET
  remote: https://www.nuget.org/api/v2
    FSharp.Configuration (1.4)
      FSharp.Core (>= 4.0.0.1)
    FSharp.Core (4.5.2)
    Microsoft.SqlServer.Types (12.0.5000)
    Newtonsoft.Json (11.0.2)
    xunit (1.9.2)
    xunit.runner.visualstudio (2.1)
