GENERATE-LOAD-SCRIPTS: ON
REDIRECTS: FORCE
RESTRICTION: || (== netcoreapp2.0) (== netstandard2.0) (>= net451)
NUGET
  remote: https://www.nuget.org/api/v2
    FSharp.Core (4.3.4)
    Microsoft.NETCore.Platforms (2.1.1) - restriction: || (== netcoreapp2.0) (&& (== netstandard2.0) (>= netcoreapp2.0)) (&& (>= net451) (>= netcoreapp2.0))
    Microsoft.SqlServer.TransactSql.ScriptDom (14.0.3811.1)
    Microsoft.SqlServer.Types (12.0.5000)
    Microsoft.Win32.Registry (4.5) - restriction: || (== netcoreapp2.0) (== netstandard2.0) (&& (>= net451) (>= netcoreapp2.0))
      System.Buffers (>= 4.4) - restriction: || (&& (== netcoreapp2.0) (>= monoandroid) (< netstandard2.0)) (&& (== netcoreapp2.0) (>= monotouch)) (&& (== netcoreapp2.0) (>= net451)) (&& (== netcoreapp2.0) (>= xamarinios)) (&& (== netcoreapp2.0) (>= xamarinmac)) (&& (== netcoreapp2.0) (>= xamarintvos)) (&& (== netcoreapp2.0) (>= xamarinwatchos)) (== netstandard2.0) (&& (>= monoandroid) (>= net451) (< netstandard2.0)) (&& (>= monotouch) (>= net451)) (&& (>= net451) (< net46) (>= netstandard2.0)) (&& (>= net451) (>= xamarinios)) (&& (>= net451) (>= xamarinmac)) (&& (>= net451) (>= xamarintvos)) (&& (>= net451) (>= xamarinwatchos))
      System.Memory (>= 4.5) - restriction: || (== netcoreapp2.0) (== netstandard2.0) (&& (>= net451) (< net46) (>= netstandard2.0)) (&& (>= net451) (>= netcoreapp2.0)) (&& (>= net451) (>= uap10.1))
      System.Security.AccessControl (>= 4.5) - restriction: || (== netcoreapp2.0) (== netstandard2.0) (&& (>= monoandroid) (>= net451) (< netstandard2.0)) (&& (>= monotouch) (>= net451)) (&& (>= net451) (< net46) (>= netstandard2.0)) (&& (>= net451) (>= netcoreapp2.0)) (&& (>= net451) (>= xamarinios)) (&& (>= net451) (>= xamarinmac)) (&& (>= net451) (>= xamarintvos)) (&& (>= net451) (>= xamarinwatchos)) (>= net461)
      System.Security.Principal.Windows (>= 4.5) - restriction: || (== netcoreapp2.0) (== netstandard2.0) (&& (>= monoandroid) (>= net451) (< netstandard2.0)) (&& (>= monotouch) (>= net451)) (&& (>= net451) (< net46) (>= netstandard2.0)) (&& (>= net451) (>= netcoreapp2.0)) (&& (>= net451) (>= xamarinios)) (&& (>= net451) (>= xamarinmac)) (&& (>= net451) (>= xamarintvos)) (&& (>= net451) (>= xamarinwatchos)) (>= net461)
    runtime.native.System.Data.SqlClient.sni (4.5) - restriction: || (== netcoreapp2.0) (== netstandard2.0) (&& (>= net451) (>= netcoreapp2.0))
      runtime.win-arm64.runtime.native.System.Data.SqlClient.sni (>= 4.4)
      runtime.win-x64.runtime.native.System.Data.SqlClient.sni (>= 4.4)
      runtime.win-x86.runtime.native.System.Data.SqlClient.sni (>= 4.4)
    runtime.win-arm64.runtime.native.System.Data.SqlClient.sni (4.4) - restriction: || (== netcoreapp2.0) (== netstandard2.0) (&& (>= net451) (>= netcoreapp2.0))
    runtime.win-x64.runtime.native.System.Data.SqlClient.sni (4.4) - restriction: || (== netcoreapp2.0) (== netstandard2.0) (&& (>= net451) (>= netcoreapp2.0))
    runtime.win-x86.runtime.native.System.Data.SqlClient.sni (4.4) - restriction: || (== netcoreapp2.0) (== netstandard2.0) (&& (>= net451) (>= netcoreapp2.0))
    System.Buffers (4.5) - restriction: == netstandard2.0
    System.Configuration.ConfigurationManager (4.5)
      System.Security.Cryptography.ProtectedData (>= 4.5) - restriction: || (== netcoreapp2.0) (== netstandard2.0) (&& (>= net451) (< net461) (>= netstandard2.0))
      System.Security.Permissions (>= 4.5) - restriction: || (== netcoreapp2.0) (== netstandard2.0) (&& (>= monoandroid) (>= net451)) (&& (>= monotouch) (>= net451)) (&& (>= net451) (>= netstandard2.0)) (&& (>= net451) (>= xamarinmac)) (&& (>= net451) (>= xamarintvos)) (&& (>= net451) (>= xamarinwatchos)) (>= net461)
    System.Data.Common (4.3) - restriction: || (&& (== netcoreapp2.0) (< netstandard1.2)) (&& (== netcoreapp2.0) (< netstandard1.3)) (&& (== netcoreapp2.0) (< netstandard2.0)) (&& (== netstandard2.0) (< netstandard1.2)) (&& (== netstandard2.0) (< netstandard1.3)) (&& (>= net451) (< netstandard1.2)) (&& (>= net451) (< netstandard1.3)) (&& (>= net451) (< netstandard2.0) (>= win81)) (&& (>= net46) (< net461) (< netstandard2.0))
    System.Data.SqlClient (4.5.1)
      Microsoft.Win32.Registry (>= 4.5) - restriction: || (== netcoreapp2.0) (== netstandard2.0) (&& (>= net451) (>= netcoreapp2.0))
      runtime.native.System.Data.SqlClient.sni (>= 4.4) - restriction: || (== netcoreapp2.0) (== netstandard2.0) (&& (>= net451) (>= netcoreapp2.0))
      System.Buffers (>= 4.4) - restriction: == netstandard2.0
      System.Data.Common (>= 4.3) - restriction: || (&& (== netcoreapp2.0) (< netstandard1.2)) (&& (== netcoreapp2.0) (< netstandard1.3)) (&& (== netcoreapp2.0) (< netstandard2.0)) (&& (== netstandard2.0) (< netstandard1.2)) (&& (== netstandard2.0) (< netstandard1.3)) (&& (>= net451) (< netstandard1.2)) (&& (>= net451) (< netstandard1.3)) (&& (>= net451) (< netstandard2.0) (>= win81)) (&& (>= net46) (< net461) (< netstandard2.0))
      System.Diagnostics.DiagnosticSource (>= 4.5) - restriction: || (== netcoreapp2.0) (== netstandard2.0) (&& (>= net451) (>= netcoreapp2.0)) (&& (>= net451) (>= uap10.1))
      System.Memory (>= 4.5.1) - restriction: || (== netcoreapp2.0) (== netstandard2.0) (&& (>= net451) (>= netcoreapp2.0)) (&& (>= net451) (>= uap10.1))
      System.Security.Principal.Windows (>= 4.5) - restriction: || (== netcoreapp2.0) (== netstandard2.0) (&& (>= net451) (>= netcoreapp2.0))
      System.Text.Encoding.CodePages (>= 4.5) - restriction: || (== netcoreapp2.0) (== netstandard2.0) (&& (>= net451) (>= netcoreapp2.0))
    System.Diagnostics.DiagnosticSource (4.5.1) - restriction: || (== netcoreapp2.0) (== netstandard2.0) (&& (>= net451) (>= netcoreapp2.0)) (&& (>= net451) (>= uap10.1))
    System.Memory (4.5.1) - restriction: || (== netcoreapp2.0) (== netstandard2.0) (&& (>= net451) (>= netcoreapp2.0)) (&& (>= net451) (>= uap10.1))
      System.Buffers (>= 4.4) - restriction: || (&& (== netcoreapp2.0) (>= monotouch)) (&& (== netcoreapp2.0) (>= net451)) (&& (== netcoreapp2.0) (< netstandard1.1)) (&& (== netcoreapp2.0) (< netstandard2.0)) (&& (== netcoreapp2.0) (>= xamarinios)) (&& (== netcoreapp2.0) (>= xamarinmac)) (&& (== netcoreapp2.0) (>= xamarintvos)) (&& (== netcoreapp2.0) (>= xamarinwatchos)) (== netstandard2.0) (&& (>= monotouch) (>= net451)) (&& (< net45) (>= net451) (>= netstandard2.0)) (&& (>= net451) (< netstandard1.1)) (&& (>= net451) (< netstandard2.0)) (&& (>= net451) (>= xamarinios)) (&& (>= net451) (>= xamarinmac)) (&& (>= net451) (>= xamarintvos)) (&& (>= net451) (>= xamarinwatchos)) (>= net461)
      System.Numerics.Vectors (>= 4.4) - restriction: || (&& (== netcoreapp2.0) (>= net451)) (== netstandard2.0) (&& (< net45) (>= net451) (>= netstandard2.0)) (>= net461)
      System.Runtime.CompilerServices.Unsafe (>= 4.5)
    System.Numerics.Vectors (4.5) - restriction: || (&& (== netcoreapp2.0) (>= net451)) (&& (== netcoreapp2.0) (>= net461)) (== netstandard2.0) (&& (>= net451) (>= netcoreapp2.0)) (&& (>= net451) (>= netstandard2.0) (>= uap10.1)) (&& (>= net461) (>= netcoreapp2.0)) (&& (>= net461) (>= uap10.1))
    System.Runtime.CompilerServices.Unsafe (4.5.2) - restriction: || (== netcoreapp2.0) (== netstandard2.0) (&& (>= net451) (>= netcoreapp2.0)) (&& (>= net451) (>= uap10.1)) (&& (>= net461) (>= netcoreapp2.0)) (&& (>= net461) (>= uap10.1))
    System.Security.AccessControl (4.5) - restriction: || (== netcoreapp2.0) (== netstandard2.0) (&& (>= net451) (>= netcoreapp2.0)) (&& (>= net451) (>= netstandard2.0)) (>= net461)
      Microsoft.NETCore.Platforms (>= 2.0) - restriction: || (== netcoreapp2.0) (&& (== netstandard2.0) (>= netcoreapp2.0)) (&& (>= net451) (>= netcoreapp2.0))
      System.Security.Principal.Windows (>= 4.5) - restriction: || (== netcoreapp2.0) (== netstandard2.0) (&& (>= net451) (< net46) (>= netstandard2.0)) (&& (>= net451) (>= netcoreapp2.0)) (>= net461)
    System.Security.Cryptography.ProtectedData (4.5) - restriction: || (== netcoreapp2.0) (== netstandard2.0) (&& (>= net451) (< net461) (>= netstandard2.0))
      System.Memory (>= 4.5) - restriction: || (== netcoreapp2.0) (== netstandard2.0) (&& (>= net451) (< net46) (>= netstandard2.0))
    System.Security.Permissions (4.5) - restriction: || (== netcoreapp2.0) (== netstandard2.0) (&& (>= monoandroid) (>= net451)) (&& (>= monotouch) (>= net451)) (&& (>= net451) (>= netstandard2.0)) (&& (>= net451) (>= xamarinmac)) (&& (>= net451) (>= xamarintvos)) (&& (>= net451) (>= xamarinwatchos)) (>= net461)
      System.Security.AccessControl (>= 4.5) - restriction: || (== netcoreapp2.0) (== netstandard2.0) (&& (>= net451) (>= netstandard2.0)) (>= net461)
    System.Security.Principal.Windows (4.5.1) - restriction: || (== netcoreapp2.0) (== netstandard2.0) (&& (>= net451) (>= netcoreapp2.0))
      Microsoft.NETCore.Platforms (>= 2.0) - restriction: || (== netcoreapp2.0) (&& (== netstandard2.0) (>= netcoreapp2.0)) (&& (>= net451) (>= netcoreapp2.0))
    System.Text.Encoding.CodePages (4.5) - restriction: || (== netcoreapp2.0) (== netstandard2.0) (&& (>= net451) (>= netcoreapp2.0))
      Microsoft.NETCore.Platforms (>= 2.0) - restriction: || (== netcoreapp2.0) (&& (== netstandard2.0) (>= netcoreapp2.0)) (&& (>= net451) (>= netcoreapp2.0))
      System.Runtime.CompilerServices.Unsafe (>= 4.5) - restriction: || (== netcoreapp2.0) (== netstandard2.0) (&& (>= net451) (< net46) (>= netstandard2.0)) (&& (>= net451) (>= netcoreapp2.0)) (>= net461)
GITHUB
  remote: fsprojects/FSharp.TypeProviders.SDK
    src/ProvidedTypes.fs (7d57cd409d7299592822713195924e42b2b7acde)
    src/ProvidedTypes.fsi (7d57cd409d7299592822713195924e42b2b7acde)
    src/ProvidedTypesTesting.fs (7d57cd409d7299592822713195924e42b2b7acde)
GROUP Build
GENERATE-LOAD-SCRIPTS: ON
REDIRECTS: FORCE
RESTRICTION: >= net451
NUGET
  remote: https://www.nuget.org/api/v2
    FAKE (5.0.0-rc014.167)
    FAKE.Lib (5.0.0-rc014.167)
    FSharp.Compiler.Service (0.0.36)
    FSharp.Formatting (2.4.1)
      FSharp.Compiler.Service (>= 0.0.32)
      Microsoft.AspNet.Razor (>= 2.0.30506)
      RazorEngine (>= 3.3)
    Microsoft.AspNet.Razor (3.2.6)
    NuGet.CommandLine (4.7.1)
    RazorEngine (3.3)
      Microsoft.AspNet.Razor (>= 2.0.30506)

GROUP Net40
GENERATE-LOAD-SCRIPTS: ON
REDIRECTS: FORCE
RESTRICTION: == net40
NUGET
  remote: https://www.nuget.org/api/v2
    FSharp.Core (4.1.18)
    Microsoft.SqlServer.TransactSql.ScriptDom (14.0.3811.1)
    Microsoft.SqlServer.Types (12.0.5000)

GROUP Samples
REDIRECTS: FORCE
RESTRICTION: >= net40
NUGET
  remote: https://www.nuget.org/api/v2
    FSharp.Data.SqlClient (1.8.4)
    Microsoft.AspNet.WebApi (5.2.6)
      Microsoft.AspNet.WebApi.WebHost (>= 5.2.6 < 5.3)
    Microsoft.AspNet.WebApi.Client (5.2.6)
      Newtonsoft.Json (>= 6.0.4) - restriction: || (&& (>= net40) (< netstandard2.0) (>= portable-net45+win8+wp8+wp81+wpa81)) (>= net45)
    Microsoft.AspNet.WebApi.Core (5.2.6)
      Microsoft.AspNet.WebApi.Client (>= 5.2.6)
    Microsoft.AspNet.WebApi.WebHost (5.2.6)
      Microsoft.AspNet.WebApi.Core (>= 5.2.6 < 5.3)
    Newtonsoft.Json (11.0.2)

GROUP Test
REDIRECTS: FORCE
RESTRICTION: >= net451
NUGET
  remote: https://www.nuget.org/api/v2
    FSharp.Configuration (1.4)
      FSharp.Core (>= 4.0.0.1)
    FSharp.Core (4.3.4)
    Microsoft.SqlServer.Types (12.0.5000)
    Newtonsoft.Json (11.0.2)
    System.Configuration.ConfigurationManager (4.5)
      System.Security.Permissions (>= 4.5) - restriction: || (&& (>= monoandroid) (>= net451)) (&& (>= monotouch) (>= net451)) (&& (>= net451) (>= netstandard2.0)) (&& (>= net451) (>= xamarinmac)) (&& (>= net451) (>= xamarintvos)) (&& (>= net451) (>= xamarinwatchos)) (>= net461)
    System.Data.Common (4.3) - restriction: || (&& (>= net451) (< netstandard1.2)) (&& (>= net451) (< netstandard1.3)) (&& (>= net451) (< netstandard2.0) (>= win81)) (&& (>= net46) (< net461) (< netstandard2.0))
    System.Data.SqlClient (4.5.1)
      System.Data.Common (>= 4.3) - restriction: || (&& (>= net451) (< netstandard1.2)) (&& (>= net451) (< netstandard1.3)) (&& (>= net451) (< netstandard2.0) (>= win81)) (&& (>= net46) (< net461) (< netstandard2.0))
    System.Security.AccessControl (4.5) - restriction: || (&& (>= net451) (>= netstandard2.0)) (>= net461)
      System.Security.Principal.Windows (>= 4.5) - restriction: || (&& (>= net451) (< net46) (>= netstandard2.0)) (&& (>= net451) (>= netcoreapp2.0)) (>= net461)
    System.Security.Permissions (4.5) - restriction: || (&& (>= monoandroid) (>= net451)) (&& (>= monotouch) (>= net451)) (&& (>= net451) (>= netstandard2.0)) (&& (>= net451) (>= xamarinmac)) (&& (>= net451) (>= xamarintvos)) (&& (>= net451) (>= xamarinwatchos)) (>= net461)
      System.Security.AccessControl (>= 4.5) - restriction: || (&& (>= net451) (>= netstandard2.0)) (>= net461)
    System.Security.Principal.Windows (4.5.1) - restriction: || (&& (>= net451) (< net46) (>= netstandard2.0)) (&& (>= net451) (>= netcoreapp2.0)) (>= net461)
    xunit (1.9.2)
    xunit.runner.visualstudio (2.1)
